GEM
  remote: https://rubygems.org/
  specs:
    ruby-mysql (2.9.14)

PLATFORMS
  ruby

DEPENDENCIES
  ruby-mysql (~> 2.9, >= 2.9.14)

BUNDLED WITH
   2.1.4
